GEM
  remote: http://rubygems.org/
  specs:
    aws-s3 (0.6.2)
      builder
      mime-types
      xml-simple
    builder (3.0.0)
    cloudfiles (1.4.17)
      mime-types (>= 1.16)
    mime-types (1.16)
    sequel (3.27.0)
    sqlite3 (1.3.4)
    typhoeus (0.2.4)
      mime-types
      mime-types
    xml-simple (1.1.0)

PLATFORMS
  ruby

DEPENDENCIES
  aws-s3
  cloudfiles
  sequel
  sqlite3
  typhoeus
