GEM
  remote: http://rubygems.org/
  specs:
    cloudfiles (1.4.17)
      mime-types (>= 1.16)
    mime-types (1.16)
    proxies (0.2.1)
    s3 (0.3.8)
      proxies (~> 0.2.0)
    sequel (3.27.0)
    sqlite3 (1.3.4)
    typhoeus (0.2.4)
      mime-types
      mime-types

PLATFORMS
  ruby

DEPENDENCIES
  cloudfiles
  s3
  sequel
  sqlite3
  typhoeus
